GEM
  remote: https://rubygems.org/
  specs:
    jasmine (2.5.2)
      jasmine-core (>= 2.5.1, < 3.0.0)
      phantomjs
      rack (>= 1.2.1)
      rake
    jasmine-core (2.5.2)
    phantomjs (2.1.1.0)
    rack (2.0.1)
    rake (12.0.0)

PLATFORMS
  ruby

DEPENDENCIES
  jasmine

BUNDLED WITH
   1.12.4
